GEM
  remote: https://rubygems.org/
  specs:
    base64 (0.2.0)
    chunky_png (1.4.0)
    color (1.8)
    diff-lcs (1.5.1)
    e2mmap (0.1.0)
    logger (1.6.1)
    mustermann (3.0.3)
      ruby2_keywords (~> 0.0.1)
    os (1.1.4)
    osc-ruby (1.1.5)
    rack (2.2.9)
    rack-protection (3.2.0)
      base64 (>= 0.1.0)
      rack (~> 2.2, >= 2.2.4)
    rack-test (2.1.0)
      rack (>= 1.3)
    regexp_parser (2.9.2)
    rexml (3.3.6)
      strscan
    rqrcode (1.2.0)
      chunky_png (~> 1.0)
      rqrcode_core (~> 0.2)
    rqrcode_core (0.2.0)
    rspec (3.13.0)
      rspec-core (~> 3.13.0)
      rspec-expectations (~> 3.13.0)
      rspec-mocks (~> 3.13.0)
    rspec-core (3.13.1)
      rspec-support (~> 3.13.0)
    rspec-expectations (3.13.2)
      diff-lcs (>= 1.2.0, < 2.0)
      rspec-support (~> 3.13.0)
    rspec-mocks (3.13.1)
      diff-lcs (>= 1.2.0, < 2.0)
      rspec-support (~> 3.13.0)
    rspec-support (3.13.1)
    ruby2_keywords (0.0.5)
    rubyzip (2.3.2)
    selenium-webdriver (4.24.0)
      base64 (~> 0.2)
      logger (~> 1.4)
      rexml (~> 3.2, >= 3.2.5)
      rubyzip (>= 1.2.2, < 3.0)
      websocket (~> 1.0)
    sinatra (3.2.0)
      mustermann (~> 3.0)
      rack (~> 2.2, >= 2.2.4)
      rack-protection (= 3.2.0)
      tilt (~> 2.0)
    strscan (3.1.0)
    thwait (0.2.0)
      e2mmap
    tilt (2.4.0)
    uri-query_params (0.7.2)
    watir (6.19.1)
      regexp_parser (>= 1.2, < 3)
      selenium-webdriver (>= 3.142.7)
    websocket (1.2.11)
    yeelight-lamp-client (0.1.0)

PLATFORMS
  arm64-darwin-23
  x86_64-darwin-21

DEPENDENCIES
  color (~> 1.8)
  os (~> 1.1.0)
  osc-ruby
  rack-test
  rqrcode (~> 1.1)
  rspec
  sinatra (~> 3.2.0)
  thwait
  uri-query_params (~> 0.7.1)
  watir (~> 6.1)
  yeelight-lamp-client (~> 0.1.0)

BUNDLED WITH
   2.4.10
